PATH
  remote: .
  specs:
    biilabs-client (0.1.2)
      faraday (~> 0.15)
      json (~> 2.2)

GEM
  remote: https://rubygems.org/
  specs:
    byebug (11.0.1)
    coderay (1.1.2)
    diff-lcs (1.3)
    faraday (0.15.0)
      multipart-post (>= 1.2, < 3)
    irb (1.0.0)
    json (2.2.0)
    method_source (0.9.2)
    multipart-post (2.0.0)
    pry (0.12.2)
      coderay (~> 1.1.0)
      method_source (~> 0.9.0)
    pry-byebug (3.7.0)
      byebug (~> 11.0)
      pry (~> 0.10)
    rspec (3.8.0)
      rspec-core (~> 3.8.0)
      rspec-expectations (~> 3.8.0)
      rspec-mocks (~> 3.8.0)
    rspec-core (3.8.0)
      rspec-support (~> 3.8.0)
    rspec-expectations (3.8.2)
      diff-lcs (>= 1.2.0, < 2.0)
      rspec-support (~> 3.8.0)
    rspec-mocks (3.8.0)
      diff-lcs (>= 1.2.0, < 2.0)
      rspec-support (~> 3.8.0)
    rspec-support (3.8.0)

PLATFORMS
  ruby

DEPENDENCIES
  biilabs-client!
  faraday (~> 0.15)
  irb
  json (~> 2.2)
  pry
  pry-byebug
  rspec (~> 3.8.0)

RUBY VERSION
   ruby 2.6.1p33

BUNDLED WITH
   1.17.3
